PATH
  remote: .
  specs:
    terminal-notifier-guard (1.5.0)

GEM
  remote: https://rubygems.org/
  specs:
    bacon (1.1.0)
    metaclass (0.0.1)
    mocha (0.12.3)
      metaclass (~> 0.0.1)
    mocha-on-bacon (0.2.1)
      mocha (>= 0.9.8)
    rake (0.9.2.2)
    rspec-core (3.1.6)
      rspec-support (~> 3.1.0)
    rspec-support (3.1.2)

PLATFORMS
  ruby

DEPENDENCIES
  bacon
  mocha
  mocha-on-bacon
  rake
  rspec-core
  terminal-notifier-guard!
